GEM
  remote: https://rubygems.org/
  specs:
    activesupport (4.2.4)
      i18n (~> 0.7)
      json (~> 1.7, >= 1.7.7)
      minitest (~> 5.1)
      thread_safe (~> 0.3, >= 0.3.4)
      tzinfo (~> 1.1)
    args_parser (0.2.0)
    curb (0.8.8)
    dnssd (3.0.1)
    ffi (1.9.10)
    hashie (3.4.3)
    httparty (0.13.7)
      json (~> 1.8)
      multi_xml (>= 0.5.2)
    hue (0.1.5)
      curb
      json
      log_switch (= 0.4.0)
      thor
    i18n (0.7.0)
    irkit (0.1.0)
      args_parser
      dnssd
      hashie
      httparty
      json
    json (1.8.3)
    listen (3.0.5)
      rb-fsevent (>= 0.9.3)
      rb-inotify (>= 0.9)
    log_switch (0.4.0)
    minitest (5.8.2)
    multi_xml (0.5.5)
    rack (1.6.4)
    rack-protection (1.5.3)
      rack
    rb-fsevent (0.9.6)
    rb-inotify (0.9.5)
      ffi (>= 0.5.0)
    rerun (0.11.0)
      listen (~> 3.0)
    sinatra (1.4.6)
      rack (~> 1.4)
      rack-protection (~> 1.4)
      tilt (>= 1.3, < 3)
    thor (0.19.1)
    thread_safe (0.3.5)
    tilt (2.0.1)
    tzinfo (1.2.2)
      thread_safe (~> 0.1)

PLATFORMS
  ruby

DEPENDENCIES
  activesupport
  httparty
  hue
  irkit
  rerun
  sinatra

BUNDLED WITH
   1.10.6
